GEM
  remote: https://rubygems.org/
  specs:
    dotenv (2.1.1)
    rack (1.6.5)
    rack-protection (1.5.3)
      rack
    ruby_http_client (3.0.0)
    sendgrid-ruby (4.0.6)
      ruby_http_client (~> 3.0.0)
    sinatra (1.4.7)
      rack (~> 1.5)
      rack-protection (~> 1.4)
      tilt (>= 1.3, < 3)
    tilt (2.0.5)

PLATFORMS
  x86-mingw32

DEPENDENCIES
  dotenv!
  sendgrid-ruby!
  sinatra!

BUNDLED WITH
   1.13.6
